GIT
  remote: https://github.com/domainic/domainic-dev-test.git
  revision: 7f55f84f69d1e83fa054472ee1c89fa088a8a369
  tag: 0.0.1
  specs:
    domainic-dev-test (0.0.1)
      rspec (~> 3)
      simplecov (~> 0.22)
      simplecov-lcov (~> 0.8)

GIT
  remote: https://github.com/domainic/rubocop-domainic-dev.git
  revision: e398e858c593e0cb5145f3f3128b1d325fecf344
  tag: 0.0.3
  specs:
    rubocop-domainic-dev (0.0.3)
      rubocop (~> 1.70)
      rubocop-on-rbs (~> 1.3)
      rubocop-ordered_methods (~> 0.13)
      rubocop-performance (~> 1.23)
      rubocop-rspec (~> 3.4)
      rubocop-yard (~> 0.10)

PATH
  remote: .
  specs:
    sai (0.4.0)

GEM
  remote: https://rubygems.org/
  specs:
    activesupport (7.2.2.1)
      base64
      benchmark (>= 0.3)
      bigdecimal
      concurrent-ruby (~> 1.0, >= 1.3.1)
      connection_pool (>= 2.2.5)
      drb
      i18n (>= 1.6, < 2)
      logger (>= 1.4.2)
      minitest (>= 5.1)
      securerandom (>= 0.3)
      tzinfo (~> 2.0, >= 2.0.5)
    ast (2.4.2)
    base64 (0.2.0)
    benchmark (0.4.0)
    benchmark-ips (2.14.0)
    benchmark-memory (0.2.0)
      memory_profiler (~> 1)
    bigdecimal (3.1.9)
    concurrent-ruby (1.3.5)
    connection_pool (2.5.0)
    csv (3.3.2)
    diff-lcs (1.5.1)
    docile (1.4.1)
    drb (2.2.1)
    ffi (1.17.1)
    ffi (1.17.1-aarch64-linux-gnu)
    ffi (1.17.1-aarch64-linux-musl)
    ffi (1.17.1-arm-linux-gnu)
    ffi (1.17.1-arm-linux-musl)
    ffi (1.17.1-arm64-darwin)
    ffi (1.17.1-x86-linux-gnu)
    ffi (1.17.1-x86-linux-musl)
    ffi (1.17.1-x86_64-darwin)
    ffi (1.17.1-x86_64-linux-gnu)
    ffi (1.17.1-x86_64-linux-musl)
    fileutils (1.7.3)
    github-markup (5.0.1)
    i18n (1.14.7)
      concurrent-ruby (~> 1.0)
    json (2.9.1)
    language_server-protocol (3.17.0.3)
    listen (3.9.0)
      rb-fsevent (~> 0.10, >= 0.10.3)
      rb-inotify (~> 0.9, >= 0.9.10)
    logger (1.6.6)
    memory_profiler (1.1.0)
    minitest (5.25.4)
    parallel (1.26.3)
    parser (3.3.7.0)
      ast (~> 2.4.1)
      racc
    prism (1.2.0)
    racc (1.8.1)
    rainbow (3.1.1)
    rb-fsevent (0.11.2)
    rb-inotify (0.11.1)
      ffi (~> 1.0)
    rbs (3.9.0)
      logger
    rbs-inline (0.10.0)
      prism (>= 0.29, < 1.3)
      rbs (>= 3.5.0)
    redcarpet (3.6.0)
    regexp_parser (2.10.0)
    rspec (3.13.0)
      rspec-core (~> 3.13.0)
      rspec-expectations (~> 3.13.0)
      rspec-mocks (~> 3.13.0)
    rspec-core (3.13.2)
      rspec-support (~> 3.13.0)
    rspec-expectations (3.13.3)
      diff-lcs (>= 1.2.0, < 2.0)
      rspec-support (~> 3.13.0)
    rspec-mocks (3.13.2)
      diff-lcs (>= 1.2.0, < 2.0)
      rspec-support (~> 3.13.0)
    rspec-support (3.13.2)
    rubocop (1.70.0)
      json (~> 2.3)
      language_server-protocol (>= 3.17.0)
      parallel (~> 1.10)
      parser (>= 3.3.0.2)
      rainbow (>= 2.2.2, < 4.0)
      regexp_parser (>= 2.9.3, < 3.0)
      rubocop-ast (>= 1.36.2, < 2.0)
      ruby-progressbar (~> 1.7)
      unicode-display_width (>= 2.4.0, < 4.0)
    rubocop-ast (1.37.0)
      parser (>= 3.3.1.0)
    rubocop-on-rbs (1.3.0)
      rbs (~> 3.5)
      rubocop (~> 1.61)
      zlib
    rubocop-ordered_methods (0.13)
      rubocop (>= 1.0)
    rubocop-performance (1.23.1)
      rubocop (>= 1.48.1, < 2.0)
      rubocop-ast (>= 1.31.1, < 2.0)
    rubocop-rspec (3.4.0)
      rubocop (~> 1.61)
    rubocop-yard (0.10.0)
      rubocop (~> 1.21)
      yard
    ruby-progressbar (1.13.0)
    securerandom (0.4.1)
    simplecov (0.22.0)
      docile (~> 1.1)
      simplecov-html (~> 0.11)
      simplecov_json_formatter (~> 0.1)
    simplecov-html (0.13.1)
    simplecov-lcov (0.8.0)
    simplecov_json_formatter (0.1.4)
    stackprof (0.2.27)
    steep (1.9.3)
      activesupport (>= 5.1)
      concurrent-ruby (>= 1.1.10)
      csv (>= 3.0.9)
      fileutils (>= 1.1.0)
      json (>= 2.1.0)
      language_server-protocol (>= 3.15, < 4.0)
      listen (~> 3.0)
      logger (>= 1.3.0)
      parser (>= 3.1)
      rainbow (>= 2.2.2, < 4.0)
      rbs (~> 3.8)
      securerandom (>= 0.1)
      strscan (>= 1.0.0)
      terminal-table (>= 2, < 4)
      uri (>= 0.12.0)
    strscan (3.1.2)
    terminal-table (3.0.2)
      unicode-display_width (>= 1.1.1, < 3)
    tzinfo (2.0.6)
      concurrent-ruby (~> 1.0)
    unicode-display_width (2.6.0)
    uri (1.0.2)
    webrick (1.9.1)
    yard (0.9.37)
    yard-sitemap (1.0.1)
    zlib (3.2.1)

PLATFORMS
  aarch64-linux-gnu
  aarch64-linux-musl
  arm-linux-gnu
  arm-linux-musl
  arm64-darwin
  ruby
  x86-linux-gnu
  x86-linux-musl
  x86_64-darwin
  x86_64-linux
  x86_64-linux-gnu
  x86_64-linux-musl

DEPENDENCIES
  benchmark-ips
  benchmark-memory
  domainic-dev-test!
  github-markup
  rbs
  rbs-inline
  redcarpet
  rubocop-domainic-dev!
  sai!
  stackprof
  steep
  webrick
  yard
  yard-sitemap

BUNDLED WITH
   2.6.2
